GEM
  remote: http://rubygems.org/
  specs:
    ast (2.4.0)
    atk (3.3.0)
      glib2 (= 3.3.0)
    bezier (0.0.2)
      chunky_png (~> 1.3.1)
    cairo (1.16.2)
      native-package-installer (>= 1.0.3)
      pkg-config (>= 1.2.2)
    cairo-gobject (3.3.0)
      cairo (>= 1.16.1)
      glib2 (= 3.3.0)
    chunky_png (1.3.11)
    clipper (2.9.1)
    eventmachine (1.2.7)
    gdk3 (3.3.0)
      cairo-gobject (= 3.3.0)
      gdk_pixbuf2 (= 3.3.0)
      pango (= 3.3.0)
    gdk_pixbuf2 (3.3.0)
      gio2 (= 3.3.0)
    gio2 (3.3.0)
      glib2 (= 3.3.0)
      gobject-introspection (= 3.3.0)
    glib2 (3.3.0)
      native-package-installer (>= 1.0.3)
      pkg-config (>= 1.2.2)
    gobject-introspection (3.3.0)
      glib2 (= 3.3.0)
    gtk3 (3.3.0)
      atk (= 3.3.0)
      gdk3 (= 3.3.0)
      gdk_pixbuf2 (= 3.3.0)
      gio2 (= 3.3.0)
      pango (= 3.3.0)
    htmlentities (4.3.4)
    jaro_winkler (1.5.1)
    kramdown (1.17.0)
    mini_portile2 (2.4.0)
    native-package-installer (1.0.6)
    nokogiri (1.9.1)
      mini_portile2 (~> 2.4.0)
    pango (3.3.0)
      cairo-gobject (= 3.3.0)
      gobject-introspection (= 3.3.0)
    parallel (1.12.1)
    parser (2.5.3.0)
      ast (~> 2.4.0)
    pkg-config (1.3.2)
    powerpack (0.1.2)
    rainbow (3.0.0)
    reverse_markdown (1.1.0)
      nokogiri
    rubocop (0.61.1)
      jaro_winkler (~> 1.5.1)
      parallel (~> 1.10)
      parser (>= 2.5, != 2.5.1.1)
      powerpack (~> 0.1)
      rainbow (>= 2.2.2, < 4.0)
      ruby-progressbar (~> 1.7)
      unicode-display_width (~> 1.4.0)
    ruby-progressbar (1.10.0)
    solargraph (0.29.5)
      eventmachine (~> 1.2, >= 1.2.5)
      htmlentities (~> 4.3, >= 4.3.4)
      kramdown (~> 1.16)
      parser (~> 2.3)
      reverse_markdown (~> 1.0, >= 1.0.5)
      rubocop (~> 0.52)
      thor (~> 0.19, >= 0.19.4)
      tilt (~> 2.0)
      yard (~> 0.9)
    thor (0.20.3)
    tilt (2.0.9)
    unicode-display_width (1.4.1)
    yard (0.9.16)
    zip (2.0.2)

PLATFORMS
  ruby

DEPENDENCIES
  bezier
  clipper
  gtk3
  pkg-config
  solargraph
  zip

BUNDLED WITH
   1.16.4
